GEM
  remote: https://rubygems.org/
  specs:
    json (2.12.2)
    nio4r (2.7.4)
    puma (6.6.0)
      nio4r (~> 2.0)
    rack (3.1.15)
    rackup (2.2.1)
      rack (>= 3)

PLATFORMS
  arm64-darwin-22
  ruby

DEPENDENCIES
  json
  puma
  rack
  rackup

BUNDLED WITH
   2.6.5
