GEM
  remote: https://rubygems.org/
  specs:
    json (2.12.2)
    rack (3.1.15)

PLATFORMS
  arm64-darwin-22
  ruby

DEPENDENCIES
  json
  rack

BUNDLED WITH
   2.6.5
